GEM
  remote: http://rubygems.org/
  specs:
    columnize (0.3.2)
    linecache (0.43)
    nokogiri (1.4.3.1)
    rspec (1.3.0)
    ruby-debug (0.10.4)
      columnize (>= 0.1)
      ruby-debug-base (~> 0.10.4.0)
    ruby-debug-base (0.10.4)
      linecache (>= 0.3)

PLATFORMS
  ruby

DEPENDENCIES
  nokogiri
  rspec
  ruby-debug
